GEM
  remote: http://rubygems.org/
  specs:
    awesome_print (1.7.0)
    game_ecs (0.1.0)
    gosu (0.14.5)
    gosu (0.14.5-x64-mingw32)

PLATFORMS
  ruby
  x64-mingw32

DEPENDENCIES
  awesome_print
  game_ecs
  gosu

BUNDLED WITH
   1.17.3
