GEM
  remote: http://rubygems.org/
  specs:
    awesome_print (1.7.0)
    chunky_png (1.3.8)
    gosu (0.10.8)

PLATFORMS
  ruby

DEPENDENCIES
  awesome_print
  chunky_png
  gosu

BUNDLED WITH
   1.13.6
